GEM
  remote: https://rubygems.org/
  specs:
    airbrussh (1.4.2)
      sshkit (>= 1.6.1, != 1.7.0)
    bcrypt_pbkdf (1.1.0)
    capistrano (3.17.3)
      airbrussh (>= 1.0.0)
      i18n
      rake (>= 10.0.0)
      sshkit (>= 1.9.0)
    capistrano-composer (0.0.6)
      capistrano (>= 3.0.0.pre)
    capistrano-file-permissions (1.0.0)
      capistrano (~> 3.0)
    capistrano-laravel (1.2.3)
      capistrano (>= 3.0.0)
      capistrano-composer (>= 0.0.6)
      capistrano-file-permissions (>= 1.0.0)
    concurrent-ruby (1.2.2)
    ed25519 (1.3.0)
    i18n (1.14.1)
      concurrent-ruby (~> 1.0)
    net-scp (4.0.0)
      net-ssh (>= 2.6.5, < 8.0.0)
    net-ssh (7.2.0)
    rake (13.0.6)
    sshkit (1.21.5)
      net-scp (>= 1.1.2)
      net-ssh (>= 2.8.0)
    uri (0.12.2)

PLATFORMS
  arm64-darwin-23
  x86_64-darwin-20

DEPENDENCIES
  bcrypt_pbkdf (~> 1.0)
  capistrano (~> 3.17.3)
  capistrano-laravel (~> 1.2.3)
  ed25519 (~> 1.3.0)
  net-ssh (~> 7.2.0)
  uri (~> 0.12.1)

BUNDLED WITH
   2.4.5
